GEM
  remote: https://rubygems.org/
  specs:
    sass (3.4.25)

PLATFORMS
  ruby

DEPENDENCIES
  sass (~> 3.4.3)

BUNDLED WITH
   1.16.1
